GEM
  remote: http://rubygems.org/
  specs:
    ZenTest (4.6.2)
    autotest-fsevent (0.2.5)
      sys-uname
    autotest-growl (0.2.14)
    builder (3.0.0)
    cucumber (1.1.2)
      builder (>= 2.1.2)
      diff-lcs (>= 1.1.2)
      gherkin (~> 2.6.2)
      json (>= 1.4.6)
      term-ansicolor (>= 1.0.6)
    diff-lcs (1.1.3)
    gherkin (2.6.2)
      json (>= 1.4.6)
    json (1.6.1)
    rspec (2.6.0)
      rspec-core (~> 2.6.0)
      rspec-expectations (~> 2.6.0)
      rspec-mocks (~> 2.6.0)
    rspec-core (2.6.4)
    rspec-expectations (2.6.0)
      diff-lcs (~> 1.1.2)
    rspec-mocks (2.6.0)
    sys-uname (0.8.6)
    term-ansicolor (1.0.7)

PLATFORMS
  ruby

DEPENDENCIES
  ZenTest
  autotest-fsevent
  autotest-growl
  cucumber
  rspec
